GEM
  remote: https://rubygems.org/
  specs:
    addressable (2.8.7)
      public_suffix (>= 2.0.2, < 7.0)
    async (2.24.0)
      console (~> 1.29)
      fiber-annotation
      io-event (~> 1.9)
      metrics (~> 0.12)
      traces (~> 0.15)
    bigdecimal (3.2.2)
    capybara (3.40.0)
      addressable
      matrix
      mini_mime (>= 0.1.3)
      nokogiri (~> 1.11)
      rack (>= 1.6.0)
      rack-test (>= 0.6.3)
      regexp_parser (>= 1.5, < 3.0)
      xpath (~> 3.2)
    console (1.31.0)
      fiber-annotation
      fiber-local (~> 1.1)
      json
    docile (1.4.1)
    erubi (1.13.1)
    ffi (1.17.2-x64-mingw-ucrt)
    fiber-annotation (0.2.0)
    fiber-local (1.1.0)
      fiber-storage
    fiber-storage (1.0.1)
    http-2 (1.1.1)
    httpx (1.5.1)
      http-2 (>= 1.0.0)
    io-event (1.11.0)
    json (2.12.2)
    logger (1.7.0)
    matrix (0.4.2)
    metrics (0.12.2)
    mini_mime (1.1.5)
    minitest (5.25.5)
    minitest-global_expectations (1.0.1)
      minitest (> 5)
    minitest-hooks (1.5.2)
      minitest (> 5.3)
    mocha (2.7.1)
      ruby2_keywords (>= 0.0.5)
    nio4r (2.7.4)
    nokogiri (1.18.8-x64-mingw-ucrt)
      racc (~> 1.4)
    nokolexbor (0.6.1-x64-mingw-ucrt)
    public_suffix (6.0.2)
    puma (6.6.0)
      nio4r (~> 2.0)
    racc (1.8.1)
    rack (3.1.16)
    rack-livereload (0.6.1)
      rack (>= 3.0, < 3.2)
    rack-test (2.2.0)
      rack (>= 1.3)
    rack-unreloader (2.1.0)
    rake (13.3.0)
    refrigerator (1.8.0)
    regexp_parser (2.10.0)
    roda (3.92.0)
      rack
    ruby2_keywords (0.0.5)
    sassc (2.4.0)
      ffi (~> 1.9)
    sequel (5.93.0)
      bigdecimal
    sequel-annotate (1.7.0)
      sequel (>= 4)
    simplecov (0.22.0)
      docile (~> 1.1)
      simplecov-html (~> 0.11)
      simplecov_json_formatter (~> 0.1)
    simplecov-html (0.13.1)
    simplecov_json_formatter (0.1.4)
    tilt (2.6.0)
    traces (0.15.2)
    xpath (3.2.0)
      nokogiri (~> 1.8)

PLATFORMS
  x64-mingw-ucrt

DEPENDENCIES
  async (~> 2.24)
  capybara
  erubi (>= 1.5)
  httpx (~> 1.5)
  logger
  minitest (>= 5.7.0)
  minitest-global_expectations
  minitest-hooks (>= 1.1.0)
  mocha (~> 2.7)
  nokolexbor (~> 0.6.1)
  puma
  rack-livereload
  rack-unreloader (>= 2.1)
  rake
  refrigerator (>= 1)
  roda (>= 3.89)
  sassc (>= 2)
  sequel (>= 5.62)
  sequel-annotate
  simplecov
  sqlite3
  tilt (>= 2.6)

BUNDLED WITH
   2.6.9
